GEM
  remote: https://rubygems.org/
  specs:
    SassyLists (2.2.1)
      sass (~> 3.3)
    sass (3.3.9)

PLATFORMS
  ruby
  x86-mingw32

DEPENDENCIES
  SassyLists (= 2.2.1)
